GIT
  remote: git@github.com:ruhoh/ruhoh.rb.git
  revision: 8a17438c5d830372caea52c9ac2e1a42f844125a
  specs:
    ruhoh (2.6)
      directory_watcher (~> 1.4.0)
      mustache (~> 0.99)
      nokogiri (~> 1.5)
      rack (~> 1.4)
      redcarpet (~> 2.1)

GEM
  remote: https://rubygems.org/
  specs:
    directory_watcher (1.4.1)
    mini_portile2 (2.1.0)
    mustache (0.99.8)
    nokogiri (1.6.8)
      mini_portile2 (~> 2.1.0)
      pkg-config (~> 1.1.7)
    pkg-config (1.1.7)
    rack (1.6.4)
    redcarpet (2.3.0)

PLATFORMS
  ruby

DEPENDENCIES
  ruhoh!
